GIT
  remote: git://github.com/rack/rack-contrib.git
  revision: 951760b1710634623ebbccef8d65df9139bb41c2
  specs:
    rack-contrib (1.2.0)
      rack (>= 0.9.1)

GEM
  remote: http://rubygems.org/
  specs:
    dalli (2.6.4)
    dotenv (0.9.0)
    erubis (2.7.0)
    foreman (0.63.0)
      dotenv (>= 0.7)
      thor (>= 0.13.6)
    hiredis (0.4.5)
    json (1.8.0)
    kgio (2.8.1)
    mysql2 (0.3.13)
    mysql2-cs-bind (0.0.6)
      mysql2
    rack (1.5.2)
    rack-protection (1.5.0)
      rack
    raindrops (0.12.0)
    redcarpet (3.0.0)
    redis (3.0.6)
    ruby-prof (0.13.0)
    shotgun (0.9)
      rack (>= 1.0)
    sinatra (1.4.3)
      rack (~> 1.4)
      rack-protection (~> 1.4)
      tilt (~> 1.3, >= 1.3.4)
    thor (0.18.1)
    tilt (1.4.1)
    unicorn (4.6.3)
      kgio (~> 2.6)
      rack
      raindrops (~> 0.7)

PLATFORMS
  ruby

DEPENDENCIES
  dalli (= 2.6.4)
  erubis (= 2.7.0)
  foreman (= 0.63.0)
  hiredis (= 0.4.5)
  json (= 1.8.0)
  mysql2 (= 0.3.13)
  mysql2-cs-bind (= 0.0.6)
  rack-contrib!
  redcarpet (= 3.0.0)
  redis (= 3.0.6)
  ruby-prof (= 0.13.0)
  shotgun
  sinatra (= 1.4.3)
  unicorn (= 4.6.3)
